GEM
  remote: http://rubygems.org/
  specs:
    actionmailer (3.1.1)
      actionpack (= 3.1.1)
      mail (~> 2.3.0)
    actionpack (3.1.1)
      activemodel (= 3.1.1)
      activesupport (= 3.1.1)
      builder (~> 3.0.0)
      erubis (~> 2.7.0)
      i18n (~> 0.6)
      rack (~> 1.3.2)
      rack-cache (~> 1.1)
      rack-mount (~> 0.8.2)
      rack-test (~> 0.6.1)
      sprockets (~> 2.0.2)
    activemodel (3.1.1)
      activesupport (= 3.1.1)
      builder (~> 3.0.0)
      i18n (~> 0.6)
    activerecord (3.1.1)
      activemodel (= 3.1.1)
      activesupport (= 3.1.1)
      arel (~> 2.2.1)
      tzinfo (~> 0.3.29)
    activeresource (3.1.1)
      activemodel (= 3.1.1)
      activesupport (= 3.1.1)
    activesupport (3.1.1)
      multi_json (~> 1.0)
    ansi (1.4.3)
    arel (2.2.3)
    attr_required (0.0.5)
    aws-s3 (0.6.3)
      builder
      mime-types
      xml-simple
    aws-sdk (1.6.0)
      httparty (~> 0.7)
      json (~> 1.4)
      nokogiri (>= 1.4.4)
      uuidtools (~> 2.1)
    builder (3.0.0)
    cocaine (0.2.1)
    coffee-rails (3.1.1)
      coffee-script (>= 2.2.0)
      railties (~> 3.1.0)
    coffee-script (2.2.0)
      coffee-script-source
      execjs
    coffee-script-source (1.3.3)
    erubis (2.7.0)
    execjs (1.4.0)
      multi_json (~> 1.0)
    faraday (0.8.1)
      multipart-post (~> 1.1)
    fb_graph (2.4.19)
      httpclient (>= 2.2.0.2)
      rack-oauth2 (>= 0.14.4)
      tzinfo
    ffi (1.1.3)
    hashie (1.2.0)
    hike (1.2.1)
    httparty (0.8.3)
      multi_json (~> 1.0)
      multi_xml
    httpauth (0.1)
    httpclient (2.2.5)
    i18n (0.6.0)
    jquery-rails (1.0.19)
      railties (~> 3.0)
      thor (~> 0.14)
    json (1.7.4)
    jwt (0.1.5)
      multi_json (>= 1.0)
    mail (2.3.3)
      i18n (>= 0.4.0)
      mime-types (~> 1.16)
      treetop (~> 1.4.8)
    mime-types (1.19)
    multi_json (1.3.6)
    multi_xml (0.5.1)
    multipart-post (1.1.5)
    nokogiri (1.5.5)
    oauth2 (0.8.0)
      faraday (~> 0.8)
      httpauth (~> 0.1)
      jwt (~> 0.1.4)
      multi_json (~> 1.0)
      rack (~> 1.2)
    omniauth (1.1.0)
      hashie (~> 1.2)
      rack
    omniauth-facebook (1.4.1)
      omniauth-oauth2 (~> 1.1.0)
    omniauth-oauth2 (1.1.0)
      oauth2 (~> 0.8.0)
      omniauth (~> 1.0)
    paperclip (3.1.4)
      activemodel (>= 3.0.0)
      activerecord (>= 3.0.0)
      activesupport (>= 3.0.0)
      cocaine (>= 0.0.2)
      mime-types
    pg (0.14.0)
    polyglot (0.3.3)
    quimby (0.4.5)
      json
      typhoeus
    rack (1.3.6)
    rack-cache (1.2)
      rack (>= 0.4)
    rack-mount (0.8.3)
      rack (>= 1.0.0)
    rack-oauth2 (0.14.4)
      activesupport (>= 2.3)
      attr_required (>= 0.0.5)
      httpclient (>= 2.2.0.2)
      i18n
      json (>= 1.4.3)
      rack (>= 1.1)
    rack-ssl (1.3.2)
      rack
    rack-test (0.6.1)
      rack (>= 1.0)
    rails (3.1.1)
      actionmailer (= 3.1.1)
      actionpack (= 3.1.1)
      activerecord (= 3.1.1)
      activeresource (= 3.1.1)
      activesupport (= 3.1.1)
      bundler (~> 1.0)
      railties (= 3.1.1)
    railties (3.1.1)
      actionpack (= 3.1.1)
      activesupport (= 3.1.1)
      rack-ssl (~> 1.3.2)
      rake (>= 0.8.7)
      rdoc (~> 3.4)
      thor (~> 0.14.6)
    rake (0.9.2.2)
    rdoc (3.12)
      json (~> 1.4)
    sass (3.1.20)
    sass-rails (3.1.6)
      actionpack (~> 3.1.0)
      railties (~> 3.1.0)
      sass (>= 3.1.10)
      tilt (~> 1.3.2)
    sprockets (2.0.4)
      hike (~> 1.2)
      rack (~> 1.0)
      tilt (~> 1.1, != 1.3.0)
    sqlite3 (1.3.6)
    thor (0.14.6)
    tilt (1.3.3)
    treetop (1.4.10)
      polyglot
      polyglot (>= 0.3.1)
    turn (0.9.6)
      ansi
    typhoeus (0.4.2)
      ffi (~> 1.0)
      mime-types (~> 1.18)
    tzinfo (0.3.33)
    uglifier (1.2.7)
      execjs (>= 0.3.0)
      multi_json (~> 1.3)
    uuidtools (2.1.3)
    xml-simple (1.1.1)

PLATFORMS
  ruby

DEPENDENCIES
  aws-s3
  aws-sdk
  coffee-rails (~> 3.1.1)
  fb_graph (>= 1.6.5)
  jquery-rails
  json
  omniauth-facebook
  paperclip (~> 3.0)
  pg
  quimby
  rails (= 3.1.1)
  sass-rails (~> 3.1.4)
  sqlite3
  turn
  typhoeus
  uglifier (>= 1.0.3)
